REDIRECTS: ON
NUGET
  remote: https://www.nuget.org/api/v2
    AutoFixture (3.30.6)
    AutoFixture.AutoMoq (3.30.6)
      AutoFixture (>= 3.30.6)
      Moq (>= 4.0.10827)
    AutoFixture.Xunit2 (3.30.6)
      AutoFixture (>= 3.30.6)
      xunit.core (>= 2.0 < 3.0)
    FAKE (4.17.1)
    Microsoft.Azure.KeyVault.Core (1.0) - framework: >= net40, wpv8.0
    Microsoft.Data.Edm (5.6.4)
    Microsoft.Data.OData (5.6.4)
      Microsoft.Data.Edm (5.6.4)
      System.Spatial (5.6.4)
    Microsoft.Data.Services.Client (5.6.4) - framework: >= net40
      Microsoft.Data.OData (5.6.4)
    Moq (4.0.10827)
    Newtonsoft.Json (6.0.8) - framework: >= net40, wpv8.0
    Serilog (1.5.6)
    System.Spatial (5.6.4)
    WindowsAzure.Storage (5.0.2)
      Microsoft.Azure.KeyVault.Core (>= 1.0) - framework: >= net40, wpv8.0
      Microsoft.Data.OData (>= 5.6.4) - framework: >= net40, winv4.5, wpv8.0, wpav8.1
      Microsoft.Data.Services.Client (>= 5.6.4) - framework: >= net40
      Newtonsoft.Json (>= 6.0.8) - framework: >= net40, wpv8.0
    xunit (2.0)
      xunit.assert (2.0)
      xunit.core (2.0)
    xunit.abstractions (2.0)
    xunit.assert (2.0)
    xunit.core (2.0)
      xunit.extensibility.core (2.0)
    xunit.extensibility.core (2.0)
      xunit.abstractions (2.0)
    xunit.runner.console (2.0)
